GEM
  remote: http://rubygems.org/
  specs:
    bottles (2.0.0.576)
    fubudocs (0.9.9.266)
    rake (10.0.4)
    ripple-cli (2.3.4.151)

PLATFORMS
  x86-mingw32

DEPENDENCIES
  bottles (>= 1.1)
  bundler (>= 1.3.5)
  fubudocs (>= 0.5)
  rake (~> 10.0.3)
  ripple-cli
